GEM
  remote: http://rubygems.org/
  specs:
    amq-protocol (1.9.2)
    bunny (2.0.0)
      amq-protocol (>= 1.9.2)
    haml (5.0.0)
      temple (>= 0.8.0)
      tilt
    rack (1.5.2)
    rack-protection (1.5.1)
      rack
    sinatra (1.4.4)
      rack (~> 1.4)
      rack-protection (~> 1.4)
      tilt (~> 1.3, >= 1.3.4)
    temple (0.8.2)
    tilt (1.4.1)

PLATFORMS
  ruby

DEPENDENCIES
  bunny (~> 2.0.0)
  haml
  sinatra
